GIT
  remote: git://github.com/rubypond/nesta.git
  revision: d02c53200d19ce0105067e95f175d882d622dec3
  branch: macruby
  specs:
    nesta (0.9.4)
      RedCloth (~> 4.2)
      haml (~> 3.0)
      sinatra (= 1.1.2)

GEM
  remote: http://rubygems.org/
  specs:
    RedCloth (4.2.7)
    haml (3.0.25)
    rack (1.2.2)
    sinatra (1.1.2)
      rack (~> 1.1)
      tilt (~> 1.2)
    tilt (1.2.2)

PLATFORMS
  ruby

DEPENDENCIES
  nesta!
